GEM
  remote: http://rubygems.org/
  specs:
    addressable (2.2.6)
    diff-lcs (1.1.2)
    faraday (0.6.1)
      addressable (~> 2.2.4)
      multipart-post (~> 1.1.0)
      rack (>= 1.1.0, < 2)
    git (1.2.5)
    hashie (1.0.0)
    jeweler (1.6.4)
      bundler (~> 1.0)
      git (>= 1.2.5)
      rake
    mime-types (1.16)
    multi_json (1.0.3)
    multipart-post (1.1.2)
    oauth2 (0.4.1)
      faraday (~> 0.6.1)
      multi_json (>= 0.0.5)
    rack (1.6.13)
    rake (0.9.2)
    rcov (0.9.9)
    rspec (2.5.0)
      rspec-core (~> 2.5.0)
      rspec-expectations (~> 2.5.0)
      rspec-mocks (~> 2.5.0)
    rspec-core (2.5.1)
    rspec-expectations (2.5.0)
      diff-lcs (~> 1.1.2)
    rspec-mocks (2.5.0)
    yajl-ruby (0.8.1)
    yard (0.7.2)

PLATFORMS
  ruby

DEPENDENCIES
  bundler (~> 1.0.15)
  hashie (~> 1.0.0)
  jeweler (~> 1.6.4)
  mime-types (~> 1.16)
  oauth2 (~> 0.4.1)
  rcov
  rspec (~> 2.5.0)
  yajl-ruby (~> 0.8.1)
  yard (~> 0.7.2)
